GEM
  remote: https://rubygems.org/
  specs:
    daemons (1.3.1)
    dotenv (2.7.4)
    eventmachine (1.2.7)
    facebook-messenger (1.4.0)
      httparty (~> 0.13, >= 0.13.7)
      rack (>= 1.4.5)
    httparty (0.17.0)
      mime-types (~> 3.0)
      multi_xml (>= 0.5.2)
    mime-types (3.2.2)
      mime-types-data (~> 3.2015)
    mime-types-data (3.2019.0331)
    mini_portile2 (2.4.0)
    multi_xml (0.6.0)
    mustermann (1.0.3)
    nokogiri (1.10.10)
      mini_portile2 (~> 2.4.0)
    rack (2.1.4)
    rack-protection (2.0.5)
      rack
    shotgun (0.9.2)
      rack (>= 1.0)
    sinatra (2.0.5)
      mustermann (~> 1.0)
      rack (~> 2.0)
      rack-protection (= 2.0.5)
      tilt (~> 2.0)
    slim (4.0.1)
      temple (>= 0.7.6, < 0.9)
      tilt (>= 2.0.6, < 2.1)
    temple (0.8.1)
    thin (1.7.2)
      daemons (~> 1.0, >= 1.0.9)
      eventmachine (~> 1.0, >= 1.0.4)
      rack (>= 1, < 3)
    tilt (2.0.9)

PLATFORMS
  ruby

DEPENDENCIES
  dotenv
  facebook-messenger
  nokogiri
  rack
  shotgun
  sinatra
  slim
  thin

RUBY VERSION
   ruby 2.4.4p296

BUNDLED WITH
   1.17.1
